GIT
  remote: http://github.com/izetex/digest-sha3-ruby
  revision: c266a32868b95349f39a61395ff8c78f98951410
  specs:
    digest-sha3 (1.1.0)

GIT
  remote: http://github.com/nicanor/braille.git
  revision: 2c861ea0160d39aa96dc71d2f9779a4f984e0791
  specs:
    braille (0.1.0)

GIT
  remote: http://github.com/robertjwhitney/programr.git
  revision: 9885f3870407f57c3e2ca1fe644ed10573629ca6
  specs:
    programr (0.0.2)

GEM
  remote: https://rubygems.org/
  specs:
    CFPropertyList (2.3.6)
    activesupport (5.2.3)
      concurrent-ruby (~> 1.0, >= 1.0.2)
      i18n (>= 0.7, < 2)
      minitest (~> 5.1)
      tzinfo (~> 1.1)
    artii (2.1.2)
    bases (1.0.2)
    bcrypt (3.1.13)
    chunky_png (1.3.11)
    cinch (2.3.4)
    concurrent-ruby (1.1.5)
    credy (0.2.1)
      thor (~> 0.19.1)
    digest-simple (1.1.0)
    digest-siphash (1.0.1)
      digest-simple
    digest-whirlpool (1.0.3)
    duplicate (1.1.1)
    facter (2.5.1)
      CFPropertyList (~> 2.2)
    faker (1.9.3)
      i18n (>= 0.7)
    faraday (0.13.1)
      multipart-post (>= 1.2, < 3)
    faraday_middleware (0.12.2)
      faraday (>= 0.7.4, < 1.0)
    fast_gettext (1.1.2)
    ffi (1.11.1)
    ffi-compiler (1.0.1)
      ffi (>= 1.0.0)
      rake
    forgery (0.7.0)
    gettext (3.2.9)
      locale (>= 2.0.5)
      text (>= 1.3.0)
    gettext-setup (0.30)
      fast_gettext (~> 1.1.0)
      gettext (>= 3.0.2)
      locale
    gpgmeh (0.1.6)
      activesupport (>= 2.3)
      nio4r (~> 2.2)
    hiera (3.5.0)
    hocon (1.2.5)
    httpclient (2.8.3)
    i18n (1.6.0)
      concurrent-ruby (~> 1.0)
    json (2.2.0)
    librarian-puppet (3.0.0)
      librarianp (>= 0.6.3)
      puppet_forge (~> 2.1)
      rsync
    librarianp (0.6.4)
      thor (~> 0.15)
    locale (2.1.2)
    mini_exiftool (2.9.0)
    mini_exiftool_vendored (9.2.7.v1)
      mini_exiftool (>= 1.6.0)
    mini_portile2 (2.4.0)
    minitar (0.8)
    minitest (5.11.3)
    multi_json (1.13.1)
    multipart-post (2.1.1)
    net-ntp (2.1.3)
    nio4r (2.3.1)
    nokogiri (1.10.3)
      mini_portile2 (~> 2.4.0)
    nori (2.6.0)
    ovirt-engine-sdk (4.3.0)
      json (>= 1, < 3)
    packetfu (1.1.13)
      pcaprub
    pcaprub (0.13.0)
    pg (1.1.4)
    process_helper (0.1.2)
    puppet (6.4.2)
      CFPropertyList (~> 2.2)
      facter (> 2.0.1, < 4)
      fast_gettext (~> 1.1.2)
      hiera (>= 3.2.1, < 4)
      httpclient (~> 2.8)
      locale (~> 2.1)
      multi_json (~> 1.10)
      puppet-resource_api (~> 1.5)
      semantic_puppet (~> 1.0)
    puppet-resource_api (1.8.3)
      hocon (>= 1.0)
    puppet_forge (2.2.9)
      faraday (>= 0.9.0, < 0.14.0)
      faraday_middleware (>= 0.9.0, < 0.13.0)
      gettext-setup (~> 0.11)
      minitar
      semantic_puppet (~> 1.0)
    rake (12.3.2)
    rdoc (6.1.1)
    redcarpet (3.4.0)
    rmagick (3.2.0)
    rqrcode (0.10.1)
      chunky_png (~> 1.0)
    rsa (0.1.4)
    rsync (1.0.9)
    ruby-graphviz (1.2.4)
    rubyzip (1.2.3)
    scrypt (3.0.6)
      ffi-compiler (>= 1.0, < 2.0)
    semantic_puppet (1.0.2)
    smbhash (1.0.2)
    spidr (0.6.0)
      nokogiri (~> 1.3)
    sshkey (2.0.0)
    text (1.3.1)
    thor (0.19.4)
    thread_safe (0.3.6)
    tzinfo (1.2.5)
      thread_safe (~> 0.1)
    wordlist (0.1.1)
      spidr (~> 0.2)
    yard (0.9.19)
    zip-zip (0.3)
      rubyzip (>= 1.0.0)
    zipruby (0.3.6)

PLATFORMS
  ruby

DEPENDENCIES
  CFPropertyList
  artii
  bases
  bcrypt
  braille!
  cinch
  credy
  digest-sha3!
  digest-siphash
  digest-whirlpool
  duplicate
  faker
  forgery
  gpgmeh
  librarian-puppet
  mini_exiftool_vendored
  minitest
  net-ntp
  nokogiri
  nori
  ovirt-engine-sdk
  packetfu
  pg
  process_helper
  programr!
  puppet
  rake
  rdoc
  redcarpet
  rmagick
  rqrcode
  rsa
  ruby-graphviz
  scrypt
  smbhash
  sshkey
  wordlist
  yard
  zip-zip
  zipruby

BUNDLED WITH
   2.1.4
